PATH
  remote: .
  specs:
    pandorified (0.7.0)
      nokogiri
      rest-client

GEM
  remote: http://rubygems.org/
  specs:
    mime-types (1.19)
    nokogiri (1.5.5)
    rest-client (1.6.7)
      mime-types (>= 1.16)

PLATFORMS
  ruby

DEPENDENCIES
  pandorified!
